GEM
  remote: http://rubygems.org/
  specs:
    Ascii85 (1.0.1)
    actionmailer (2.3.8)
      actionpack (= 2.3.8)
    actionpack (2.3.8)
      activesupport (= 2.3.8)
      rack (~> 1.1.0)
    activerecord (2.3.8)
      activesupport (= 2.3.8)
    activeresource (2.3.8)
      activesupport (= 2.3.8)
    activesupport (2.3.8)
    authlogic (2.1.6)
      activesupport
    aws-s3 (0.6.2)
      builder
      mime-types
      xml-simple
    barby (0.4.3)
    builder (3.0.0)
    dbf (1.2.9)
      activesupport (>= 2.3.5)
      fastercsv (>= 1.4.0)
    fastercsv (1.5.4)
    i18n (0.4.0)
    mime-types (1.16)
    paperclip (2.3.5)
      activerecord
      activesupport
    pdf-reader (0.10.0)
      Ascii85 (~> 1.0.0)
    prawn (0.11.1)
      pdf-reader (>= 0.9.0)
      ttfunk (~> 1.0.0)
    prawnto (0.0.4)
      prawn
      rails (>= 2.1)
    rack (1.1.2)
    rails (2.3.8)
      actionmailer (= 2.3.8)
      actionpack (= 2.3.8)
      activerecord (= 2.3.8)
      activeresource (= 2.3.8)
      activesupport (= 2.3.8)
      rake (>= 0.8.3)
    rake (0.9.2)
    sqlite3 (1.3.3-x86-mingw32)
    sqlite3-ruby (1.3.3)
      sqlite3 (>= 1.3.3)
    ttfunk (1.0.1)
    will_paginate (2.3.11)
    xml-simple (1.1.0)

PLATFORMS
  x86-mingw32

DEPENDENCIES
  authlogic
  aws-s3
  barby
  dbf
  i18n (= 0.4.0)
  paperclip (= 2.3.5)
  pdf-reader
  prawn
  prawnto
  rails (= 2.3.8)
  sqlite3-ruby
  will_paginate (= 2.3.11)
